GEM
  remote: http://rubygems.org/
  specs:
    ZenTest (4.4.2)
    abstract (1.0.0)
    actionmailer (3.0.1)
      actionpack (= 3.0.1)
      mail (~> 2.2.5)
    actionpack (3.0.1)
      activemodel (= 3.0.1)
      activesupport (= 3.0.1)
      builder (~> 2.1.2)
      erubis (~> 2.6.6)
      i18n (~> 0.4.1)
      rack (~> 1.2.1)
      rack-mount (~> 0.6.12)
      rack-test (~> 0.5.4)
      tzinfo (~> 0.3.23)
    activemodel (3.0.1)
      activesupport (= 3.0.1)
      builder (~> 2.1.2)
      i18n (~> 0.4.1)
    activerecord (3.0.1)
      activemodel (= 3.0.1)
      activesupport (= 3.0.1)
      arel (~> 1.0.0)
      tzinfo (~> 0.3.23)
    activerecord-jdbc-adapter (1.1.0)
    activerecord-jdbcmssql-adapter (1.1.0)
      activerecord-jdbc-adapter (= 1.1.0)
      jdbc-jtds (~> 1.2.0)
    activerecord-jdbcmysql-adapter (1.1.0)
      activerecord-jdbc-adapter (= 1.1.0)
      jdbc-mysql (~> 5.1.0)
    activerecord-jdbcsqlite3-adapter (1.1.0)
      activerecord-jdbc-adapter (= 1.1.0)
      jdbc-sqlite3 (~> 3.6.0)
    activerecord-oracle_enhanced-adapter (1.3.2)
    activeresource (3.0.1)
      activemodel (= 3.0.1)
      activesupport (= 3.0.1)
    activesupport (3.0.1)
    annotate (2.4.0)
    arel (1.0.1)
      activesupport (~> 3.0.0)
    autotest (4.4.6)
      ZenTest (>= 4.4.1)
    awesome_print (0.3.1)
    bouncy-castle-java (1.5.0145.2)
    builder (2.1.2)
    bullet (2.0.1)
      uniform_notifier (~> 1.0.0)
    capybara (0.4.0)
      celerity (>= 0.7.9)
      culerity (>= 0.2.4)
      mime-types (>= 1.16)
      nokogiri (>= 1.3.3)
      rack (>= 1.0.0)
      rack-test (>= 0.5.4)
      selenium-webdriver (>= 0.0.27)
      xpath (~> 0.1.2)
    celerity (0.8.7)
    childprocess (0.1.6)
      ffi (~> 0.6.3)
    culerity (0.2.14)
    daemons (1.1.0)
    dalli (1.0.1)
    delayed_job (2.1.2)
      activesupport (~> 3.0)
      daemons
    diff-lcs (1.1.2)
    erubis (2.6.6)
      abstract (>= 1.0.0)
    fastercsv (1.5.4)
    ffaker (1.0.0)
    ffi (0.6.3-java)
    gem_plugin (0.2.3)
    haml (3.0.25)
    i18n (0.4.2)
    jdbc-jtds (1.2.5-java)
    jdbc-mysql (5.1.13)
    jdbc-sqlite3 (3.6.14.2.056-java)
    jruby-jars (1.5.6)
    jruby-openssl (0.7.2)
      bouncy-castle-java
    jruby-rack (1.0.5)
    json_pure (1.4.6)
    mail (2.2.14)
      activesupport (>= 2.3.6)
      i18n (>= 0.4.0)
      mime-types (~> 1.16)
      treetop (~> 1.4.8)
    mime-types (1.16)
    mongrel (1.1.5-java)
      gem_plugin (>= 0.2.3)
    nokogiri (1.4.4.2-java)
      weakling (>= 0.0.3)
    polyglot (0.3.1)
    rack (1.2.1)
    rack-mount (0.6.13)
      rack (>= 1.0.0)
    rack-test (0.5.7)
      rack (>= 1.0)
    rails (3.0.1)
      actionmailer (= 3.0.1)
      actionpack (= 3.0.1)
      activerecord (= 3.0.1)
      activeresource (= 3.0.1)
      activesupport (= 3.0.1)
      bundler (~> 1.0.0)
      railties (= 3.0.1)
    rails3-generators (0.17.1)
      railties (>= 3.0.0)
    railties (3.0.1)
      actionpack (= 3.0.1)
      activesupport (= 3.0.1)
      rake (>= 0.8.4)
      thor (~> 0.14.0)
    rake (0.8.7)
    rmagick4j (0.3.7)
    rspec (2.4.0)
      rspec-core (~> 2.4.0)
      rspec-expectations (~> 2.4.0)
      rspec-mocks (~> 2.4.0)
    rspec-core (2.4.0)
    rspec-expectations (2.4.0)
      diff-lcs (~> 1.1.2)
    rspec-mocks (2.4.0)
    rspec-rails (2.4.1)
      actionpack (~> 3.0)
      activesupport (~> 3.0)
      railties (~> 3.0)
      rspec (~> 2.4.0)
    ruby-plsql (0.4.4)
    rubyzip (0.9.4)
    selenium-webdriver (0.1.2)
      childprocess (~> 0.1.5)
      ffi (~> 0.6.3)
      json_pure
      rubyzip
    simple_form (1.3.0)
      rails (~> 3.0.0)
    thor (0.14.6)
    treetop (1.4.9)
      polyglot (>= 0.3.1)
    tzinfo (0.3.23)
    uniform_notifier (1.0.1)
    uuidtools (2.1.1)
    warbler (1.2.1)
      jruby-jars (>= 1.4.0)
      jruby-rack (>= 1.0.0)
      rake (>= 0.8.7)
      rubyzip (>= 0.9.4)
    weakling (0.0.4-java)
    webrat (0.7.3)
      nokogiri (>= 1.2.0)
      rack (>= 1.0)
      rack-test (>= 0.5.3)
    wice_grid (3.0.0.pre1)
    will_paginate (3.0.pre2)
    xpath (0.1.3)
      nokogiri (~> 1.3)
    yaml_db (0.2.0)

PLATFORMS
  java

DEPENDENCIES
  activerecord-jdbc-adapter
  activerecord-jdbcmssql-adapter
  activerecord-jdbcmysql-adapter
  activerecord-jdbcsqlite3-adapter
  activerecord-oracle_enhanced-adapter (~> 1.3.1)
  annotate (>= 2.4.0)
  autotest
  awesome_print (>= 0.2.1)
  bullet
  capybara
  dalli
  delayed_job
  fastercsv
  ffaker (>= 0.4.0)
  haml
  jruby-openssl
  jruby-rack
  mongrel
  rails (= 3.0.1)
  rails3-generators
  rmagick4j
  rspec-rails (>= 2.0.1)
  ruby-plsql (~> 0.4.3)
  simple_form
  uuidtools
  warbler
  webrat
  wice_grid (= 3.0.0.pre1)
  will_paginate (~> 3.0.pre2)
  yaml_db
